GEM
  remote: https://rubygems.org/
  specs:
    color_text (0.0.3)
    tictactoe (0.0.4)
      color_text (>= 0.0.3)

PLATFORMS
  ruby

DEPENDENCIES
  tictactoe
